GEM
  remote: https://rubygems.org/
  specs:
    atk (3.3.0)
      glib2 (= 3.3.0)
    cairo (1.16.2)
      native-package-installer (>= 1.0.3)
      pkg-config (>= 1.2.2)
    cairo-gobject (3.3.0)
      cairo (>= 1.16.1)
      glib2 (= 3.3.0)
    gdk3 (3.3.0)
      cairo-gobject (= 3.3.0)
      gdk_pixbuf2 (= 3.3.0)
      pango (= 3.3.0)
    gdk_pixbuf2 (3.3.0)
      gio2 (= 3.3.0)
    gio2 (3.3.0)
      glib2 (= 3.3.0)
      gobject-introspection (= 3.3.0)
    glib2 (3.3.0)
      native-package-installer (>= 1.0.3)
      pkg-config (>= 1.2.2)
    gobject-introspection (3.3.0)
      glib2 (= 3.3.0)
    gtk3 (3.3.0)
      atk (= 3.3.0)
      gdk3 (= 3.3.0)
      gdk_pixbuf2 (= 3.3.0)
      gio2 (= 3.3.0)
      pango (= 3.3.0)
    native-package-installer (1.0.6)
    pango (3.3.0)
      cairo-gobject (= 3.3.0)
      gobject-introspection (= 3.3.0)
    pkg-config (1.3.2)
    webkit2-gtk (3.3.0)
      gtk3 (= 3.3.0)

PLATFORMS
  ruby

DEPENDENCIES
  webkit2-gtk

BUNDLED WITH
   1.17.1
